GEM
  remote: https://rubygems.org/
  specs:
    celluloid (0.12.4)
      facter (>= 1.6.12)
      timers (>= 1.0.0)
    diff-lcs (1.2.1)
    facter (1.6.17)
    nest (1.1.2)
      redis
    ohm (1.2.0)
      nest (~> 1.0)
      redis
      scrivener (~> 0.0.3)
    redis (3.0.3)
    rspec (2.13.0)
      rspec-core (~> 2.13.0)
      rspec-expectations (~> 2.13.0)
      rspec-mocks (~> 2.13.0)
    rspec-core (2.13.0)
    rspec-expectations (2.13.0)
      diff-lcs (>= 1.1.3, < 2.0)
    rspec-mocks (2.13.0)
    scrivener (0.0.3)
    timers (1.1.0)

PLATFORMS
  ruby

DEPENDENCIES
  celluloid
  ohm
  redis
  rspec
