GIT
  remote: git://github.com/mathieul/redistent.git
  revision: ede6accc5b524c73d32eeddd20182e54e6d80287
  specs:
    redistent (0.0.1)
      bson_ext (~> 1.8.4)
      inflecto (~> 0.0.2)
      nest (~> 1.1.2)
      redis (~> 3.0.3)

GEM
  remote: https://rubygems.org/
  specs:
    activesupport (3.2.13)
      i18n (= 0.6.1)
      multi_json (~> 1.0)
    backports (2.6.7)
    bson (1.8.4)
    bson_ext (1.8.4)
      bson (~> 1.8.4)
    celluloid (0.13.0)
      timers (>= 1.0.0)
    coderay (1.0.9)
    descendants_tracker (0.0.1)
    diff-lcs (1.2.2)
    factory_girl (4.2.0)
      activesupport (>= 3.0.0)
    formatador (0.2.4)
    guard (1.7.0)
      formatador (>= 0.2.4)
      listen (>= 0.6.0)
      lumberjack (>= 1.0.2)
      pry (>= 0.9.10)
      thor (>= 0.14.6)
    guard-rspec (2.5.2)
      guard (>= 1.1)
      rspec (~> 2.11)
    i18n (0.6.1)
    inflecto (0.0.2)
    listen (0.7.3)
    lumberjack (1.0.3)
    method_source (0.8.1)
    multi_json (1.7.2)
    nest (1.1.2)
      redis
    pry (0.9.12)
      coderay (~> 1.0.5)
      method_source (~> 0.8)
      slop (~> 3.4)
    pry-nav (0.2.3)
      pry (~> 0.9.10)
    rb-fsevent (0.9.3)
    redis (3.0.3)
    rspec (2.13.0)
      rspec-core (~> 2.13.0)
      rspec-expectations (~> 2.13.0)
      rspec-mocks (~> 2.13.0)
    rspec-core (2.13.1)
    rspec-expectations (2.13.0)
      diff-lcs (>= 1.1.3, < 2.0)
    rspec-mocks (2.13.1)
    scrivener (0.0.3)
    slop (3.4.4)
    thor (0.18.1)
    timecop (0.6.1)
    timers (1.1.0)
    virtus (0.5.4)
      backports (~> 2.6.1)
      descendants_tracker (~> 0.0.1)
    workflow (1.0.0)

PLATFORMS
  ruby

DEPENDENCIES
  celluloid (~> 0.13.0)
  factory_girl
  guard-rspec
  inflecto (~> 0.0.2)
  pry-nav
  rb-fsevent (~> 0.9)
  redistent!
  rspec
  scrivener (~> 0.0.3)
  timecop
  virtus (~> 0.5.4)
  workflow (~> 1.0.0)
